GEM
  remote: http://rubygems.org/
  specs:
    maruku (0.6.0)
      syntax (>= 1.0.0)
    rack (1.2.1)
    sequel (3.17.0)
    sinatra (1.1.0)
      rack (~> 1.1)
      tilt (~> 1.1)
    syntax (1.0.0)
    tilt (1.1)

PLATFORMS
  ruby

DEPENDENCIES
  maruku
  sequel
  sinatra
  syntax
